PATH
  remote: ../rspreadsheet
  specs:
    rspreadsheet (0.2.17)
      andand (~> 1.3)
      libxml-ruby (~> 2.7)
      rubyzip (~> 1.1)

GEM
  remote: https://rubygems.org/
  specs:
    andand (1.3.3)
    byebug (9.0.5)
    libxml-ruby (2.9.0)
    rubyzip (1.2.0)

PLATFORMS
  ruby

DEPENDENCIES
  byebug
  rspreadsheet!

BUNDLED WITH
   1.13.1
